GEM
  remote: https://rubygems.org/
  specs:
    activesupport (4.0.4)
      i18n (~> 0.6, >= 0.6.9)
      minitest (~> 4.2)
      multi_json (~> 1.3)
      thread_safe (~> 0.1)
      tzinfo (~> 0.3.37)
    atomic (1.1.16)
    blather (1.0.0)
      activesupport (>= 2.3.11)
      eventmachine (>= 1.0.0)
      girl_friday
      niceogiri (~> 1.0)
      nokogiri (~> 1.5, >= 1.5.6)
    connection_pool (1.2.0)
    eventmachine (1.0.3)
    girl_friday (0.11.2)
      connection_pool (~> 1.0)
      rubinius-actor
    i18n (0.6.9)
    mini_portile (0.5.3)
    minitest (4.7.5)
    multi_json (1.9.2)
    netrc (0.7.7)
    niceogiri (1.1.2)
      nokogiri (~> 1.5)
    nokogiri (1.6.1)
      mini_portile (~> 0.5.0)
    rake (10.2.2)
    rest_client (1.7.3)
      netrc (~> 0.7.7)
    rubinius-actor (0.0.2)
      rubinius-core-api
    rubinius-core-api (0.0.1)
    thread_safe (0.3.1)
      atomic (>= 1.1.7, < 2)
    tzinfo (0.3.39)

PLATFORMS
  ruby

DEPENDENCIES
  blather
  rake
  rest_client
